PATH
  remote: .
  specs:
    etl_gem (0.1.0)
      light-service (~> 0.12.0)

GEM
  remote: https://rubygems.org/
  specs:
    diff-lcs (1.3)
    light-service (0.12.0)
    rspec (3.8.0)
      rspec-core (~> 3.8.0)
      rspec-expectations (~> 3.8.0)
      rspec-mocks (~> 3.8.0)
    rspec-core (3.8.2)
      rspec-support (~> 3.8.0)
    rspec-expectations (3.8.4)
      diff-lcs (>= 1.2.0, < 2.0)
      rspec-support (~> 3.8.0)
    rspec-mocks (3.8.1)
      diff-lcs (>= 1.2.0, < 2.0)
      rspec-support (~> 3.8.0)
    rspec-support (3.8.2)

PLATFORMS
  ruby

DEPENDENCIES
  etl_gem!
  rspec

BUNDLED WITH
   1.16.1
